GEM
  remote: https://rubygems.org/
  specs:
    dotenv (0.8.0)
    ethon (0.5.12)
      ffi (>= 1.3.0)
      mime-types (~> 1.18)
    ffi (1.9.0)
    firebase (0.1.4)
      json
      typhoeus (>= 0.6.1)
    json (1.8.0)
    kolb (0.0.1)
      psych
    mime-types (1.23)
    nestful (1.0.4)
    psych (2.0.0)
    rack (1.5.2)
    rack-protection (1.5.0)
      rack
    rest-client (1.6.7)
      mime-types (>= 1.16)
    sinatra (1.4.3)
      rack (~> 1.4)
      rack-protection (~> 1.4)
      tilt (~> 1.3, >= 1.3.4)
    tilt (1.4.1)
    typhoeus (0.6.3)
      ethon (~> 0.5.11)

PLATFORMS
  ruby

DEPENDENCIES
  dotenv
  firebase
  kolb
  nestful
  rest-client
  sinatra
